GIT
  remote: https://github.com/kennethkalmer/ruote-kit.git
  revision: 617fc1c34564a5a2c11cd5ff833e1ff6673e7c2a
  specs:
    ruote-kit (2.3.0)
      haml (>= 3.1.4)
      rufus-json (>= 0.2.5)
      sinatra (>= 1.2.0)
      sinatra-respond_to (>= 0.8.0)

GEM
  remote: http://rubygems.org/
  specs:
    blankslate (2.1.2.4)
    file-tail (1.0.12)
      tins (~> 0.5)
    haml (3.1.7)
    parslet (1.4.0)
      blankslate (~> 2.0)
    rack (1.4.1)
    rack-protection (1.3.2)
      rack
    ruby2ruby (2.0.1)
      ruby_parser (~> 3.0.0)
      sexp_processor (~> 4.0)
    ruby_parser (3.0.4)
      sexp_processor (~> 4.1)
    rufus-cloche (1.0.2)
      rufus-json (>= 1.0.1)
    rufus-dollar (1.0.4)
    rufus-json (1.0.2)
    rufus-mnemo (1.2.3)
    rufus-scheduler (2.0.17)
      tzinfo (>= 0.3.23)
    rufus-treechecker (1.0.8)
      ruby_parser (>= 2.0.5)
    ruote (2.3.0.1)
      blankslate (= 2.1.2.4)
      parslet (>= 1.4.0)
      rufus-cloche (>= 1.0.2)
      rufus-dollar (>= 1.0.4)
      rufus-json (>= 1.0.1)
      rufus-mnemo (>= 1.2.2)
      rufus-scheduler (>= 2.0.16)
      rufus-treechecker (>= 1.0.8)
      sourcify (= 0.5.0)
    ruote-sequel (2.3.0)
      ruote (>= 2.3.0)
      sequel
    sequel (3.42.0)
    sexp_processor (4.1.3)
    sinatra (1.3.3)
      rack (~> 1.3, >= 1.3.6)
      rack-protection (~> 1.2)
      tilt (~> 1.3, >= 1.3.3)
    sinatra-respond_to (0.8.0)
      sinatra (~> 1.3)
    sourcify (0.5.0)
      file-tail (>= 1.0.5)
      ruby2ruby (>= 1.2.5)
      ruby_parser (>= 2.0.5)
      sexp_processor (>= 3.0.5)
    tilt (1.3.3)
    tins (0.6.0)
    tzinfo (0.3.35)

PLATFORMS
  ruby

DEPENDENCIES
  ruote
  ruote-kit!
  ruote-sequel
